GEM
  remote: http://rubygems.org/
  specs:
    active_support (3.0.0)
      activesupport (= 3.0.0)
    activesupport (3.0.0)
    diff-lcs (1.1.3)
    i18n (0.6.0)
    rainbow (1.1.1)
    rspec (2.6.0)
      rspec-core (~> 2.6.0)
      rspec-expectations (~> 2.6.0)
      rspec-mocks (~> 2.6.0)
    rspec-core (2.6.4)
    rspec-expectations (2.6.0)
      diff-lcs (~> 1.1.2)
    rspec-mocks (2.6.0)
    rspec-prof (0.0.3)
      rspec
      ruby-prof
      sc-core-ext (>= 1.2.1)
    ruby-prof (0.10.8)
    ruby-termios (0.9.6)
    sc-core-ext (1.2.1)
      activesupport (>= 2.3.5)

PLATFORMS
  java
  ruby

DEPENDENCIES
  active_support
  i18n
  rainbow
  rspec
  rspec-prof
  ruby-prof
  ruby-termios
